GEM
  remote: https://rubygems.org/
  specs:
    colorize (0.8.1)
    mqtt (0.5.0)
    recursive-open-struct (1.1.0)

PLATFORMS
  ruby

DEPENDENCIES
  colorize
  mqtt
  recursive-open-struct

BUNDLED WITH
   2.1.4
